GEM
  remote: http://rubygems.org/
  specs:
    haml (4.0.5)
      tilt
    json (1.8.1)
    mini_portile (0.6.0)
    nokogiri (1.6.3.1)
      mini_portile (= 0.6.0)
    rack (1.5.2)
    rack-protection (1.5.3)
      rack
    sinatra (1.4.5)
      rack (~> 1.4)
      rack-protection (~> 1.4)
      sinatra (>= 1.0.0)
    thenewslensapi (1.4.1)
      nokogiri (>= 1.6.2)

PLATFORMS
  ruby

DEPENDENCIES
  haml
  json
  sinatra
  thenewslensapi
